GEM
  remote: http://rubygems.org/
  specs:
    activesupport (5.2.3)
      concurrent-ruby (~> 1.0, >= 1.0.2)
      i18n (>= 0.7, < 2)
      minitest (~> 5.1)
      tzinfo (~> 1.1)
    addressable (2.6.0)
      public_suffix (>= 2.0.2, < 4.0)
    backports (3.13.0)
    bcrypt (3.1.12)
    bcrypt-ruby (3.1.5)
      bcrypt (>= 3.1.3)
    capybara (3.17.0)
      addressable
      mini_mime (>= 0.1.3)
      nokogiri (~> 1.8)
      rack (>= 1.6.0)
      rack-test (>= 0.6.3)
      regexp_parser (~> 1.2)
      xpath (~> 3.2)
    coderay (1.1.2)
    concurrent-ruby (1.1.5)
    daemons (1.3.1)
    eventmachine (1.2.7)
    excon (0.71.0)
    ffi (1.10.0)
    haml (5.0.4)
      temple (>= 0.8.0)
      tilt
    i18n (1.6.0)
      concurrent-ruby (~> 1.0)
    icalendar (2.5.3)
      ice_cube (~> 0.16)
    ice_cube (0.16.3)
    mail (2.7.1)
      mini_mime (>= 0.1.1)
    maruku (0.7.3)
    method_source (0.9.2)
    mini_mime (1.0.1)
    mini_portile2 (2.4.0)
    minitest (5.11.3)
    multi_json (1.13.1)
    mustermann (1.0.3)
    newrelic_rpm (6.2.0.354)
    nokogiri (1.10.4)
      mini_portile2 (~> 2.4.0)
    pdf-core (0.7.0)
    pg (1.1.4)
    pony (1.13.1)
      mail (>= 2.0)
    prawn (2.2.2)
      pdf-core (~> 0.7.0)
      ttfunk (~> 1.5)
    pry (0.12.2)
      coderay (~> 1.1.0)
      method_source (~> 0.9.0)
    public_suffix (3.0.3)
    rack (2.0.7)
    rack-flash3 (1.0.5)
      rack
    rack-protection (2.0.5)
      rack
    rack-test (1.1.0)
      rack (>= 1.0, < 3)
    rake (12.3.2)
    rb-fsevent (0.10.3)
    rb-inotify (0.10.0)
      ffi (~> 1.0)
    regexp_parser (1.4.0)
    sass (3.7.4)
      sass-listen (~> 4.0.0)
    sass-listen (4.0.0)
      rb-fsevent (~> 0.9, >= 0.9.4)
      rb-inotify (~> 0.9, >= 0.9.7)
    sequel (5.19.0)
    shotgun (0.9.2)
      rack (>= 1.0)
    sinatra (2.0.5)
      mustermann (~> 1.0)
      rack (~> 2.0)
      rack-protection (= 2.0.5)
      tilt (~> 2.0)
    sinatra-contrib (2.0.5)
      backports (>= 2.8.2)
      multi_json
      mustermann (~> 1.0)
      rack-protection (= 2.0.5)
      sinatra (= 2.0.5)
      tilt (>= 1.3, < 3)
    temple (0.8.1)
    thin (1.7.2)
      daemons (~> 1.0, >= 1.0.9)
      eventmachine (~> 1.0, >= 1.0.4)
      rack (>= 1, < 3)
    thread_safe (0.3.6)
    tilt (2.0.9)
    ttfunk (1.5.1)
    tzinfo (1.2.5)
      thread_safe (~> 0.1)
    xpath (3.2.0)
      nokogiri (~> 1.8)

PLATFORMS
  ruby

DEPENDENCIES
  activesupport
  bcrypt-ruby
  capybara
  excon
  haml
  i18n
  icalendar
  maruku
  newrelic_rpm
  pg
  pony
  prawn
  pry
  rack-flash3
  rack-test
  rake
  sass
  sequel
  shotgun
  sinatra
  sinatra-contrib
  thin

RUBY VERSION
   ruby 2.6.3p62

BUNDLED WITH
   1.17.2
