GEM
  remote: http://rubygems.org/
  specs:
    archive-tar-minitar (0.5.2)
    backports (2.3.0)
    erubis (2.7.0)
    eventmachine (0.12.10)
    ffi (0.6.3)
      rake (>= 0.8.7)
    haml (3.1.4)
    i18n (0.6.0)
    json (1.6.3)
    mail (2.3.0)
      i18n (>= 0.4.0)
      mime-types (~> 1.16)
      treetop (~> 1.4.8)
    mario (0.0.6)
    maruku (0.6.0)
      syntax (>= 1.0.0)
    mime-types (1.17.2)
    net-scp (1.0.4)
      net-ssh (>= 1.99.1)
    net-ssh (2.2.1)
    pg (0.12.0)
      rake-compiler (~> 0.7)
    polyglot (0.3.3)
    pony (1.4)
      mail (> 2.0)
    rack (1.3.5)
    rack-openid (1.3.1)
      rack (>= 1.1.0)
      ruby-openid (>= 2.1.8)
    rack-protection (1.1.4)
      rack
    rack-test (0.6.1)
      rack (>= 1.0)
    rake (0.9.2.2)
    rake-compiler (0.7.9)
      rake
    ruby-openid (2.1.8)
    sass (3.1.11)
    sequel (3.30.0)
    shotgun (0.9)
      rack (>= 1.0)
    sinatra (1.3.1)
      rack (~> 1.3, >= 1.3.4)
      rack-protection (~> 1.1, >= 1.1.2)
      tilt (~> 1.3, >= 1.3.3)
    sinatra-contrib (1.3.1)
      backports (>= 2.0)
      eventmachine
      rack-protection
      rack-test
      sinatra (~> 1.3.0)
      tilt (~> 1.3)
    syntax (1.0.0)
    tilt (1.3.3)
    treetop (1.4.10)
      polyglot
      polyglot (>= 0.3.1)
    vagrant (0.5.4)
      archive-tar-minitar (= 0.5.2)
      erubis (>= 2.6.6)
      json (>= 1.4.3)
      mario (~> 0.0.6)
      net-scp (>= 1.0.2)
      net-ssh (>= 2.0.19)
      virtualbox (~> 0.7.3)
    virtualbox (0.7.9)
      ffi (~> 0.6.3)

PLATFORMS
  ruby

DEPENDENCIES
  haml
  i18n
  maruku
  pg
  pony
  rack-openid
  rack-test
  ruby-openid
  sass
  sequel
  shotgun
  sinatra
  sinatra-contrib
  vagrant
